GEM
  remote: https://rubygems.org/
  specs:
    activesupport (3.2.9)
      i18n (~> 0.6)
      multi_json (~> 1.0)
    bson (1.8.0)
      activesupport
    bson_ext (1.8.0)
      bson (~> 1.8.0)
    i18n (0.6.1)
    jenkins_api_client (0.11.0)
      json
      mixlib-shellout (~> 1.1.0)
      nokogiri
      terminal-table (>= 1.4.0)
      thor (>= 0.16.0)
    json (1.8.0)
    mime-types (1.19)
    mini_portile (0.5.0)
    mixlib-shellout (1.1.0)
    mongo (1.8.0)
      bson (~> 1.8.0)
    multi_json (1.5.0)
    nokogiri (1.6.0)
      mini_portile (~> 0.5.0)
    rest-client (1.6.7)
      mime-types (>= 1.16)
    terminal-table (1.4.5)
    thor (0.18.1)

PLATFORMS
  ruby

DEPENDENCIES
  bson_ext
  jenkins_api_client (~> 0.11.0)
  mongo
  rest-client
