GEM
  remote: http://rubygems.org/
  specs:
    addressable (2.2.7)
    bson (1.5.2)
    builder (3.0.0)
    childprocess (0.3.1)
      ffi (~> 1.0.6)
    cucumber (1.1.3)
      builder (>= 2.1.2)
      diff-lcs (>= 1.1.2)
      gherkin (~> 2.6.7)
      json (>= 1.4.6)
      term-ansicolor (>= 1.0.6)
    diff-lcs (1.1.3)
    faraday (0.7.6)
      addressable (~> 2.2)
      multipart-post (~> 1.1)
      rack (~> 1.1)
    ffi (1.0.11)
    gherkin (2.6.9)
      json (>= 1.4.6)
    json (1.6.3)
    mime-types (1.17.2)
    mongo (1.5.2)
      bson (= 1.5.2)
    multi_json (1.1.0)
    multipart-post (1.1.5)
    oauth2 (0.5.2)
      faraday (~> 0.7)
      multi_json (~> 1.0)
    rack (1.4.1)
    rest-client (1.6.7)
      mime-types (>= 1.16)
    rubyzip (0.9.6.1)
    selenium-webdriver (2.20.0)
      childprocess (>= 0.2.5)
      ffi (~> 1.0)
      multi_json (~> 1.0)
      rubyzip
    term-ansicolor (1.0.7)

PLATFORMS
  ruby

DEPENDENCIES
  builder
  cucumber
  json
  mongo
  oauth2
  rest-client
  selenium-webdriver
