PATH
  remote: ../admin-tools/approval
  specs:
    approval (0.0.1)

GEM
  remote: http://rubygems.org/
  specs:
    active_support (3.0.0)
      activesupport (= 3.0.0)
    activesupport (3.0.0)
    addressable (2.2.8)
    bson (1.6.2)
    bson_ext (1.6.2)
      bson (~> 1.6.2)
    builder (3.0.0)
    childprocess (0.3.2)
      ffi (~> 1.0.6)
    cucumber (1.2.0)
      builder (>= 2.1.2)
      diff-lcs (>= 1.1.3)
      gherkin (~> 2.10.0)
      json (>= 1.4.6)
    diff-lcs (1.1.3)
    faraday (0.8.1)
      multipart-post (~> 1.1)
    ffi (1.0.9)
    ffi (1.0.9-x86-mingw32)
    gherkin (2.10.0)
      json (>= 1.4.6)
    gherkin (2.10.0-x86-mingw32)
      json (>= 1.4.6)
    headless (0.3.1)
    httpauth (0.1)
    i18n (0.6.0)
    java_properties (0.0.4)
    json (1.6.2)
    libwebsocket (0.1.3)
      addressable
    mail (2.4.4)
      i18n (>= 0.4.0)
      mime-types (~> 1.16)
      treetop (~> 1.4.8)
    mime-types (1.18)
    mongo (1.6.2)
      bson (~> 1.6.2)
    multi_json (1.3.6)
    multipart-post (1.1.5)
    net-ldap (0.3.1)
    net-sftp (2.0.5)
      net-ssh (>= 2.0.9)
    net-ssh (2.5.2)
    oauth2 (0.7.1)
      faraday (~> 0.8)
      httpauth (~> 0.1)
      multi_json (~> 1.0)
      rack (~> 1.4)
    polyglot (0.3.3)
    rack (1.4.1)
    rake (0.9.2.2)
    rest-client (1.6.7)
      mime-types (>= 1.16)
    rspec (2.10.0)
      rspec-core (~> 2.10.0)
      rspec-expectations (~> 2.10.0)
      rspec-mocks (~> 2.10.0)
    rspec-core (2.10.1)
    rspec-expectations (2.10.0)
      diff-lcs (~> 1.1.3)
    rspec-mocks (2.10.1)
    rubyzip (0.9.8)
    rumbster (1.0.2)
      mail
    selenium-webdriver (2.21.2)
      childprocess (>= 0.2.5)
      ffi (~> 1.0)
      libwebsocket (~> 0.1.3)
      multi_json (~> 1.0)
      rubyzip
    treetop (1.4.10)
      polyglot
      polyglot (>= 0.3.1)

PLATFORMS
  ruby
  x86-mingw32

DEPENDENCIES
  active_support
  approval!
  bson_ext
  builder
  cucumber
  ffi (= 1.0.9)
  headless
  java_properties
  json (= 1.6.2)
  mongo
  net-ldap
  net-sftp
  oauth2
  rake
  rest-client
  rspec
  rumbster
  selenium-webdriver
