GEM
  remote: http://rubygems.org/
  specs:
    bson (1.8.2)
    bson_ext (1.8.2)
      bson (~> 1.8.2)
    json (1.6.2)
    mongo (1.8.2)
      bson (~> 1.8.2)

PLATFORMS
  ruby

DEPENDENCIES
  bson_ext
  json (= 1.6.2)
  mongo (= 1.8.2)
