GEM
  remote: http://rubygems.org/
  specs:
    awesome_print (1.1.0)
    curl (0.0.9)
      awesome_print (>= 0.2.1)
      unidecoder (>= 1.1.1)
    httparty (0.10.2)
      multi_json (~> 1.0)
      multi_xml (>= 0.5.2)
    json (1.7.7)
    logger (1.2.8)
    multi_json (1.7.2)
    multi_xml (0.5.3)
    unidecoder (1.1.1)

PLATFORMS
  ruby

DEPENDENCIES
  curl
  httparty
  json
  logger
