GEM
  remote: http://rubygems.org/
  specs:
    bson (1.6.4)
    bson_ext (1.6.4)
      bson (~> 1.6.4)
    little-plugger (1.1.3)
    logging (1.7.2)
      little-plugger (>= 1.1.3)
    logging-rails (0.4.0)
      logging (~> 1.6)
    mongo (1.6.4)
      bson (~> 1.6.4)

PLATFORMS
  ruby

DEPENDENCIES
  bson
  bson_ext
  logging-rails
  mongo
